GEM
  remote: https://rubygems.org/
  specs:
    bluecloth (2.2.0)
    capistrano (2.15.5)
      highline
      net-scp (>= 1.0.0)
      net-sftp (>= 2.0.0)
      net-ssh (>= 2.0.14)
      net-ssh-gateway (>= 1.1.0)
    capistrano-log_with_awesome (0.0.2)
      capistrano (>= 2.5.14)
    capistrano-spec (0.1.0)
    diff-lcs (1.1.3)
    git (1.2.5)
    highline (1.6.21)
    jeweler (1.8.4)
      bundler (~> 1.0)
      git (>= 1.2.5)
      rake
      rdoc
    json (1.7.5)
    net-scp (1.2.1)
      net-ssh (>= 2.6.5)
    net-sftp (2.1.2)
      net-ssh (>= 2.6.5)
    net-ssh (2.9.1)
    net-ssh-gateway (1.2.0)
      net-ssh (>= 2.6.5)
    rake (0.9.2.2)
    rdoc (3.12)
      json (~> 1.4)
    rspec (2.11.0)
      rspec-core (~> 2.11.0)
      rspec-expectations (~> 2.11.0)
      rspec-mocks (~> 2.11.0)
    rspec-core (2.11.1)
    rspec-expectations (2.11.3)
      diff-lcs (~> 1.1.3)
    rspec-mocks (2.11.3)
    yard (0.8.3)

PLATFORMS
  ruby

DEPENDENCIES
  bluecloth
  bundler (>= 1.0.9)
  capistrano (< 3.0.0)
  capistrano-log_with_awesome (~> 0.0.2)
  capistrano-spec
  jeweler (~> 1.8.0)
  rspec (>= 2.5.0)
  yard
